NUGET
  remote: http://nuget.org/api/v2
  specs:
    FAKE (3.17.0)
    FsCheck (0.9.2.0)
    FSharp.Charting (0.90.9)
    FSharp.Compiler.Service (0.0.82)
    FSharp.Formatting (2.7.4)
      FSharp.Compiler.Service (>= 0.0.82)
      FSharpVSPowerTools.Core (>= 1.7.0)
    FSharpVSPowerTools.Core (1.7.0)
      FSharp.Compiler.Service (>= 0.0.81)
    Nancy (1.0.0)
    Nancy.Hosting.Self (1.0.0)
      Nancy (>= 1.0.0)
    NuGet.CommandLine (2.8.3)
    NUnit (2.6.4)
    NUnit.Runners (2.6.4)
    SourceLink.Fake (0.4.2)
    Zlib.Portable (1.10.0)
